GEM
  remote: http://rubygems.org/
  specs:
    racc (1.4.6)
    require_all (1.3.3)

PLATFORMS
  ruby

DEPENDENCIES
  racc
  require_all
